GEM
  remote: https://rubygems.org/
  specs:
    rack (1.6.4)
    vienna (0.4.1)
      rack (~> 1.5)

PLATFORMS
  ruby

DEPENDENCIES
  rack
  vienna

BUNDLED WITH
   1.11.2
